GEM
  remote: http://rubygems.org/
  specs:
    builder (3.0.0)
    daemons (1.1.8)
    serialport (1.0.4)

PLATFORMS
  ruby

DEPENDENCIES
  builder
  daemons
  serialport
