GEM
  remote: http://rubygems.org/
  specs:
    builder (3.2.2)
    em-websocket (0.5.0)
      eventmachine (>= 0.12.9)
      http_parser.rb (~> 0.5.3)
    eventmachine (1.0.3)
    http_parser.rb (0.5.3)
    logger (1.2.8)
    serialport (1.1.0)
    web-socket-ruby (0.1.0)

PLATFORMS
  ruby

DEPENDENCIES
  builder
  em-websocket
  logger
  serialport
  web-socket-ruby
